STORAGE: NONE
RESTRICTION: || (== net5.0) (== netstandard2.0) (== netstandard2.1)
NUGET
  remote: https://api.nuget.org/v3/index.json
    Baseline (3.2.1)
    BaselineTypeDiscovery (1.1.2)
      System.Runtime.Loader (>= 4.3) - restriction: || (&& (== net5.0) (< netstandard2.1)) (== netstandard2.0) (== netstandard2.1)
    Dapper (2.0.123)
      System.Reflection.Emit.Lightweight (>= 4.7) - restriction: || (== netstandard2.0) (== netstandard2.1)
    Humanizer.Core (2.13.14)
    LamarCodeGeneration (3.2.2)
      System.Reflection.Emit.Lightweight (>= 4.7)
      System.Threading.Tasks.Extensions (>= 4.5.4)
      System.ValueTuple (>= 4.5)
    LamarCompiler (3.0.4)
      LamarCodeGeneration (>= 3.2.2)
      Microsoft.CodeAnalysis (>= 3.11)
      Microsoft.CodeAnalysis.CSharp (>= 3.11)
      Microsoft.CodeAnalysis.Scripting (>= 3.11)
      System.Reflection.Emit.Lightweight (>= 4.7)
      System.Runtime.Loader (>= 4.3)
    LanguageExt.Core (4.0.3)
      Microsoft.Bcl.AsyncInterfaces (>= 5.0)
      Microsoft.CSharp (>= 4.7)
      System.Diagnostics.Contracts (>= 4.3)
      System.Linq (>= 4.3)
      System.Linq.Queryable (>= 4.3)
      System.Memory (>= 4.5.4)
      System.Reflection.Emit (>= 4.3)
      System.Reflection.Emit.Lightweight (>= 4.3)
      System.Threading.Tasks.Extensions (>= 4.5.4)
      System.ValueTuple (>= 4.5)
    LanguageExt.Sys (4.0.3)
      LanguageExt.Core (>= 4.0.3)
    Marten (4.1)
      BaselineTypeDiscovery (>= 1.1.2)
      LamarCodeGeneration (>= 3.2.2)
      LamarCompiler (>= 3.0.4)
      Microsoft.Extensions.DependencyInjection.Abstractions (>= 2.2)
      Microsoft.Extensions.Hosting.Abstractions (>= 2.2)
      Microsoft.Extensions.Logging.Abstractions (>= 2.2)
      Newtonsoft.Json (>= 12.0.3)
      Npgsql.Json.NET (>= 5.0.10 < 6.0)
      Remotion.Linq (>= 2.2)
      System.Memory (>= 4.5.4)
      System.Reflection.Emit.Lightweight (>= 4.7)
      System.Text.Json (>= 5.0.2)
      System.Threading.Tasks.Dataflow (>= 5.0)
      Weasel.Postgresql (>= 1.1)
    Microsoft.Bcl.AsyncInterfaces (6.0)
      System.Threading.Tasks.Extensions (>= 4.5.4) - restriction: || (&& (== net5.0) (>= net461)) (&& (== net5.0) (< netstandard2.1)) (== netstandard2.0) (&& (== netstandard2.1) (>= net461))
    Microsoft.CodeAnalysis (4.0.1)
      Microsoft.CodeAnalysis.CSharp.Workspaces (4.0.1)
      Microsoft.CodeAnalysis.VisualBasic.Workspaces (4.0.1)
    Microsoft.CodeAnalysis.Analyzers (3.3.3)
    Microsoft.CodeAnalysis.Common (4.0.1)
      Microsoft.CodeAnalysis.Analyzers (>= 3.3.2)
      System.Collections.Immutable (>= 5.0)
      System.Memory (>= 4.5.4)
      System.Reflection.Metadata (>= 5.0)
      System.Runtime.CompilerServices.Unsafe (>= 5.0)
      System.Text.Encoding.CodePages (>= 4.5.1)
      System.Threading.Tasks.Extensions (>= 4.5.4)
    Microsoft.CodeAnalysis.CSharp (4.0.1)
      Microsoft.CodeAnalysis.Common (4.0.1)
    Microsoft.CodeAnalysis.CSharp.Scripting (4.0.1)
      Microsoft.CodeAnalysis.Common (4.0.1)
      Microsoft.CodeAnalysis.CSharp (4.0.1)
      Microsoft.CodeAnalysis.Scripting.Common (4.0.1)
      Microsoft.CSharp (>= 4.3)
    Microsoft.CodeAnalysis.CSharp.Workspaces (4.0.1)
      Humanizer.Core (>= 2.2)
      Microsoft.CodeAnalysis.Common (4.0.1)
      Microsoft.CodeAnalysis.CSharp (4.0.1)
      Microsoft.CodeAnalysis.Workspaces.Common (4.0.1)
    Microsoft.CodeAnalysis.Scripting (4.0.1)
      Microsoft.CodeAnalysis.CSharp.Scripting (4.0.1)
    Microsoft.CodeAnalysis.Scripting.Common (4.0.1)
      Microsoft.CodeAnalysis.Common (4.0.1)
    Microsoft.CodeAnalysis.VisualBasic (4.0.1)
      Microsoft.CodeAnalysis.Common (4.0.1)
    Microsoft.CodeAnalysis.VisualBasic.Workspaces (4.0.1)
      Microsoft.CodeAnalysis.Common (4.0.1)
      Microsoft.CodeAnalysis.VisualBasic (4.0.1)
      Microsoft.CodeAnalysis.Workspaces.Common (4.0.1)
    Microsoft.CodeAnalysis.Workspaces.Common (4.0.1)
      Humanizer.Core (>= 2.2)
      Microsoft.Bcl.AsyncInterfaces (>= 5.0)
      Microsoft.CodeAnalysis.Common (4.0.1)
      System.Composition (>= 1.0.31)
      System.IO.Pipelines (>= 5.0.1)
    Microsoft.CSharp (4.7)
    Microsoft.Extensions.Configuration.Abstractions (6.0)
      Microsoft.Extensions.Primitives (>= 6.0)
    Microsoft.Extensions.DependencyInjection.Abstractions (6.0)
      Microsoft.Bcl.AsyncInterfaces (>= 6.0) - restriction: || (&& (== net5.0) (>= net461)) (&& (== net5.0) (< netstandard2.1)) (== netstandard2.0) (&& (== netstandard2.1) (>= net461))
      System.Threading.Tasks.Extensions (>= 4.5.4) - restriction: || (&& (== net5.0) (>= net461)) (&& (== net5.0) (< netstandard2.1)) (== netstandard2.0) (&& (== netstandard2.1) (>= net461))
    Microsoft.Extensions.FileProviders.Abstractions (6.0)
      Microsoft.Extensions.Primitives (>= 6.0)
    Microsoft.Extensions.Hosting.Abstractions (6.0)
      Microsoft.Bcl.AsyncInterfaces (>= 6.0) - restriction: || (&& (== net5.0) (>= net461)) (&& (== net5.0) (< netstandard2.1)) (== netstandard2.0) (&& (== netstandard2.1) (>= net461))
      Microsoft.Extensions.Configuration.Abstractions (>= 6.0)
      Microsoft.Extensions.DependencyInjection.Abstractions (>= 6.0)
      Microsoft.Extensions.FileProviders.Abstractions (>= 6.0)
      System.Runtime.CompilerServices.Unsafe (>= 6.0) - restriction: || (&& (== net5.0) (>= net461)) (&& (== net5.0) (< netstandard2.1)) (== netstandard2.0) (&& (== netstandard2.1) (>= net461))
      System.Threading.Tasks.Extensions (>= 4.5.4) - restriction: || (&& (== net5.0) (>= net461)) (&& (== net5.0) (< netstandard2.1)) (== netstandard2.0) (&& (== netstandard2.1) (>= net461))
    Microsoft.Extensions.Logging.Abstractions (6.0)
      System.Buffers (>= 4.5.1)
      System.Memory (>= 4.5.4)
    Microsoft.Extensions.Primitives (6.0)
      System.Memory (>= 4.5.4) - restriction: || (&& (== net5.0) (>= net461)) (&& (== net5.0) (< netcoreapp3.1)) (== netstandard2.0) (== netstandard2.1)
      System.Runtime.CompilerServices.Unsafe (>= 6.0)
    Microsoft.NETCore.Platforms (6.0)
    Microsoft.NETCore.Targets (5.0)
    Microsoft.Win32.Registry (5.0)
      System.Buffers (>= 4.5.1) - restriction: || (&& (== net5.0) (>= monoandroid) (< netstandard1.3)) (&& (== net5.0) (>= monotouch)) (&& (== net5.0) (< netcoreapp2.0)) (&& (== net5.0) (>= xamarinios)) (&& (== net5.0) (>= xamarinmac)) (&& (== net5.0) (>= xamarintvos)) (&& (== net5.0) (>= xamarinwatchos)) (== netstandard2.0) (== netstandard2.1)
      System.Memory (>= 4.5.4) - restriction: || (&& (== net5.0) (< netcoreapp2.0)) (&& (== net5.0) (< netcoreapp2.1)) (&& (== net5.0) (>= uap10.1)) (== netstandard2.0) (== netstandard2.1)
      System.Security.AccessControl (>= 5.0)
      System.Security.Principal.Windows (>= 5.0)
    Newtonsoft.Json (13.0.1)
    Npgsql (5.0.11)
      Microsoft.Bcl.AsyncInterfaces (>= 1.1) - restriction: || (&& (== net5.0) (< netstandard2.1)) (== netstandard2.0)
      System.Memory (>= 4.5.3) - restriction: || (&& (== net5.0) (< netstandard2.1)) (== netstandard2.0)
      System.Runtime.CompilerServices.Unsafe (>= 4.6)
      System.Text.Json (>= 4.6) - restriction: || (&& (== net5.0) (< netcoreapp3.1)) (&& (== net5.0) (< netstandard2.1)) (== netstandard2.0) (== netstandard2.1)
      System.Threading.Channels (>= 4.7) - restriction: || (&& (== net5.0) (< netcoreapp3.1)) (&& (== net5.0) (< netstandard2.1)) (== netstandard2.0) (== netstandard2.1)
      System.Threading.Tasks.Extensions (>= 4.5.3) - restriction: || (&& (== net5.0) (< netstandard2.1)) (== netstandard2.0)
      System.ValueTuple (>= 4.5) - restriction: || (&& (== net5.0) (< netstandard2.1)) (== netstandard2.0)
    Npgsql.Json.NET (5.0.11)
      Newtonsoft.Json (>= 12.0.2)
      Npgsql (>= 5.0.11)
    Remotion.Linq (2.2)
      System.Collections (>= 4.0.11)
      System.Diagnostics.Debug (>= 4.0.11)
      System.Linq (>= 4.1)
      System.Linq.Expressions (>= 4.1)
      System.Linq.Queryable (>= 4.0.1)
      System.ObjectModel (>= 4.0.12)
      System.Reflection (>= 4.1)
      System.Reflection.Extensions (>= 4.0.1)
      System.Runtime (>= 4.1)
      System.Runtime.Extensions (>= 4.1)
      System.Threading (>= 4.0.11)
    runtime.native.System.Data.SqlClient.sni (4.7)
      runtime.win-arm64.runtime.native.System.Data.SqlClient.sni (>= 4.4)
      runtime.win-x64.runtime.native.System.Data.SqlClient.sni (>= 4.4)
      runtime.win-x86.runtime.native.System.Data.SqlClient.sni (>= 4.4)
    runtime.win-arm64.runtime.native.System.Data.SqlClient.sni (4.4)
    runtime.win-x64.runtime.native.System.Data.SqlClient.sni (4.4)
    runtime.win-x86.runtime.native.System.Data.SqlClient.sni (4.4)
    System.Buffers (4.5.1)
    System.Collections (4.3)
      Microsoft.NETCore.Platforms (>= 1.1)
      Microsoft.NETCore.Targets (>= 1.1)
      System.Runtime (>= 4.3)
    System.Collections.Immutable (6.0)
      System.Memory (>= 4.5.4)
      System.Runtime.CompilerServices.Unsafe (>= 6.0)
    System.Composition (6.0)
      System.Composition.AttributedModel (>= 6.0)
      System.Composition.Convention (>= 6.0)
      System.Composition.Hosting (>= 6.0)
      System.Composition.Runtime (>= 6.0)
      System.Composition.TypedParts (>= 6.0)
    System.Composition.AttributedModel (6.0)
    System.Composition.Convention (6.0)
      System.Composition.AttributedModel (>= 6.0)
    System.Composition.Hosting (6.0)
      System.Composition.Runtime (>= 6.0)
    System.Composition.Runtime (6.0)
    System.Composition.TypedParts (6.0)
      System.Composition.AttributedModel (>= 6.0)
      System.Composition.Hosting (>= 6.0)
      System.Composition.Runtime (>= 6.0)
    System.Data.SqlClient (4.8.3)
      Microsoft.Win32.Registry (>= 4.7)
      runtime.native.System.Data.SqlClient.sni (>= 4.7)
      System.Buffers (>= 4.5.1) - restriction: || (&& (== net5.0) (< netcoreapp2.0)) (== netstandard2.0) (== netstandard2.1)
      System.Diagnostics.DiagnosticSource (>= 4.7) - restriction: || (&& (== net5.0) (< netcoreapp2.0)) (&& (== net5.0) (< netcoreapp2.1)) (&& (== net5.0) (< netcoreapp3.1)) (&& (== net5.0) (< netstandard2.0)) (&& (== net5.0) (>= uap10.1)) (== netstandard2.0) (== netstandard2.1)
      System.Memory (>= 4.5.4) - restriction: || (&& (== net5.0) (< netcoreapp2.0)) (&& (== net5.0) (< netcoreapp2.1)) (&& (== net5.0) (>= uap10.1)) (== netstandard2.0) (== netstandard2.1)
      System.Security.Principal.Windows (>= 4.7)
      System.Text.Encoding.CodePages (>= 4.7) - restriction: || (&& (== net5.0) (< netcoreapp2.0)) (&& (== net5.0) (< netcoreapp2.1)) (&& (== net5.0) (< netcoreapp3.1)) (&& (== net5.0) (< netstandard2.0)) (&& (== net5.0) (>= uap10.1)) (== netstandard2.0) (== netstandard2.1)
    System.Diagnostics.Contracts (4.3)
      System.Runtime (>= 4.3)
    System.Diagnostics.Debug (4.3)
      Microsoft.NETCore.Platforms (>= 1.1)
      Microsoft.NETCore.Targets (>= 1.1)
      System.Runtime (>= 4.3)
    System.Diagnostics.DiagnosticSource (6.0) - restriction: || (&& (== net5.0) (< netcoreapp2.0)) (&& (== net5.0) (< netcoreapp2.1)) (&& (== net5.0) (< netcoreapp3.1)) (&& (== net5.0) (< netstandard2.0)) (&& (== net5.0) (>= uap10.1)) (== netstandard2.0) (== netstandard2.1)
      System.Memory (>= 4.5.4) - restriction: || (&& (== net5.0) (>= net461)) (== netstandard2.0) (== netstandard2.1)
      System.Runtime.CompilerServices.Unsafe (>= 6.0)
    System.Globalization (4.3)
      Microsoft.NETCore.Platforms (>= 1.1)
      Microsoft.NETCore.Targets (>= 1.1)
      System.Runtime (>= 4.3)
    System.IO (4.3)
      Microsoft.NETCore.Platforms (>= 1.1)
      Microsoft.NETCore.Targets (>= 1.1)
      System.Runtime (>= 4.3)
      System.Text.Encoding (>= 4.3)
      System.Threading.Tasks (>= 4.3)
    System.IO.Pipelines (6.0)
      System.Buffers (>= 4.5.1) - restriction: || (&& (== net5.0) (>= net461)) (&& (== net5.0) (< netcoreapp3.1)) (== netstandard2.0) (== netstandard2.1)
      System.Memory (>= 4.5.4) - restriction: || (&& (== net5.0) (>= net461)) (&& (== net5.0) (< netcoreapp3.1)) (== netstandard2.0) (== netstandard2.1)
      System.Threading.Tasks.Extensions (>= 4.5.4) - restriction: || (&& (== net5.0) (>= net461)) (&& (== net5.0) (< netcoreapp3.1)) (== netstandard2.0) (== netstandard2.1)
    System.Linq (4.3)
      System.Collections (>= 4.3)
      System.Diagnostics.Debug (>= 4.3)
      System.Resources.ResourceManager (>= 4.3)
      System.Runtime (>= 4.3)
      System.Runtime.Extensions (>= 4.3)
    System.Linq.Expressions (4.3)
      System.Collections (>= 4.3)
      System.Diagnostics.Debug (>= 4.3)
      System.Globalization (>= 4.3)
      System.IO (>= 4.3)
      System.Linq (>= 4.3)
      System.ObjectModel (>= 4.3)
      System.Reflection (>= 4.3)
      System.Reflection.Emit (>= 4.3)
      System.Reflection.Emit.ILGeneration (>= 4.3)
      System.Reflection.Emit.Lightweight (>= 4.3)
      System.Reflection.Extensions (>= 4.3)
      System.Reflection.Primitives (>= 4.3)
      System.Reflection.TypeExtensions (>= 4.3)
      System.Resources.ResourceManager (>= 4.3)
      System.Runtime (>= 4.3)
      System.Runtime.Extensions (>= 4.3)
      System.Threading (>= 4.3)
    System.Linq.Queryable (4.3)
      System.Collections (>= 4.3)
      System.Diagnostics.Debug (>= 4.3)
      System.Linq (>= 4.3)
      System.Linq.Expressions (>= 4.3)
      System.Reflection (>= 4.3)
      System.Reflection.Extensions (>= 4.3)
      System.Resources.ResourceManager (>= 4.3)
      System.Runtime (>= 4.3)
    System.Memory (4.5.4)
      System.Buffers (>= 4.5.1) - restriction: || (&& (== net5.0) (>= monotouch)) (&& (== net5.0) (>= net461)) (&& (== net5.0) (< netcoreapp2.0)) (&& (== net5.0) (< netstandard1.1)) (&& (== net5.0) (< netstandard2.0)) (&& (== net5.0) (>= xamarinios)) (&& (== net5.0) (>= xamarinmac)) (&& (== net5.0) (>= xamarintvos)) (&& (== net5.0) (>= xamarinwatchos)) (== netstandard2.0) (== netstandard2.1)
      System.Numerics.Vectors (>= 4.4) - restriction: || (&& (== net5.0) (< netcoreapp2.0)) (== netstandard2.0) (== netstandard2.1)
      System.Runtime.CompilerServices.Unsafe (>= 4.5.3) - restriction: || (&& (== net5.0) (>= monotouch)) (&& (== net5.0) (>= net461)) (&& (== net5.0) (< netcoreapp2.0)) (&& (== net5.0) (< netcoreapp2.1)) (&& (== net5.0) (< netstandard1.1)) (&& (== net5.0) (< netstandard2.0)) (&& (== net5.0) (>= uap10.1)) (&& (== net5.0) (>= xamarinios)) (&& (== net5.0) (>= xamarinmac)) (&& (== net5.0) (>= xamarintvos)) (&& (== net5.0) (>= xamarinwatchos)) (== netstandard2.0) (== netstandard2.1)
    System.Numerics.Vectors (4.5) - restriction: || (&& (== net5.0) (>= net461)) (&& (== net5.0) (< netcoreapp3.1)) (== netstandard2.0) (== netstandard2.1)
    System.ObjectModel (4.3)
      System.Collections (>= 4.3)
      System.Diagnostics.Debug (>= 4.3)
      System.Resources.ResourceManager (>= 4.3)
      System.Runtime (>= 4.3)
      System.Threading (>= 4.3)
    System.Reflection (4.3)
      Microsoft.NETCore.Platforms (>= 1.1)
      Microsoft.NETCore.Targets (>= 1.1)
      System.IO (>= 4.3)
      System.Reflection.Primitives (>= 4.3)
      System.Runtime (>= 4.3)
    System.Reflection.Emit (4.7)
      System.Reflection.Emit.ILGeneration (>= 4.7) - restriction: || (&& (== net5.0) (< netcoreapp2.0) (< netstandard2.1)) (&& (== net5.0) (< netstandard1.1)) (&& (== net5.0) (< netstandard2.0)) (&& (== net5.0) (>= uap10.1)) (== netstandard2.0) (&& (== netstandard2.1) (< netstandard1.1)) (&& (== netstandard2.1) (< netstandard2.0)) (&& (== netstandard2.1) (>= uap10.1))
    System.Reflection.Emit.ILGeneration (4.7)
    System.Reflection.Emit.Lightweight (4.7)
      System.Reflection.Emit.ILGeneration (>= 4.7) - restriction: || (&& (== net5.0) (< netcoreapp2.0) (< netstandard2.1)) (&& (== net5.0) (< netstandard2.0)) (&& (== net5.0) (< portable-net45+wp8)) (&& (== net5.0) (>= uap10.1)) (== netstandard2.0) (&& (== netstandard2.1) (< netstandard2.0)) (&& (== netstandard2.1) (< portable-net45+wp8)) (&& (== netstandard2.1) (>= uap10.1))
    System.Reflection.Extensions (4.3)
      Microsoft.NETCore.Platforms (>= 1.1)
      Microsoft.NETCore.Targets (>= 1.1)
      System.Reflection (>= 4.3)
      System.Runtime (>= 4.3)
    System.Reflection.Metadata (6.0)
      System.Collections.Immutable (>= 6.0)
    System.Reflection.Primitives (4.3)
      Microsoft.NETCore.Platforms (>= 1.1)
      Microsoft.NETCore.Targets (>= 1.1)
      System.Runtime (>= 4.3)
    System.Reflection.TypeExtensions (4.7)
    System.Resources.ResourceManager (4.3)
      Microsoft.NETCore.Platforms (>= 1.1)
      Microsoft.NETCore.Targets (>= 1.1)
      System.Globalization (>= 4.3)
      System.Reflection (>= 4.3)
      System.Runtime (>= 4.3)
    System.Runtime (4.3.1)
      Microsoft.NETCore.Platforms (>= 1.1.1)
      Microsoft.NETCore.Targets (>= 1.1.3)
    System.Runtime.CompilerServices.Unsafe (6.0)
    System.Runtime.Extensions (4.3.1)
      Microsoft.NETCore.Platforms (>= 1.1.1)
      Microsoft.NETCore.Targets (>= 1.1.3)
      System.Runtime (>= 4.3.1)
    System.Runtime.Loader (4.3)
      System.IO (>= 4.3)
      System.Reflection (>= 4.3)
      System.Runtime (>= 4.3)
    System.Security.AccessControl (6.0)
      System.Security.Principal.Windows (>= 5.0)
    System.Security.Principal.Windows (5.0)
    System.Text.Encoding (4.3)
      Microsoft.NETCore.Platforms (>= 1.1)
      Microsoft.NETCore.Targets (>= 1.1)
      System.Runtime (>= 4.3)
    System.Text.Encoding.CodePages (6.0)
      System.Memory (>= 4.5.4) - restriction: || (&& (== net5.0) (>= net461)) (&& (== net5.0) (< netcoreapp3.1)) (== netstandard2.0) (== netstandard2.1)
      System.Runtime.CompilerServices.Unsafe (>= 6.0)
    System.Text.Encodings.Web (6.0)
      System.Buffers (>= 4.5.1) - restriction: || (&& (== net5.0) (>= net461)) (&& (== net5.0) (< netcoreapp3.1)) (== netstandard2.0) (== netstandard2.1)
      System.Memory (>= 4.5.4) - restriction: || (&& (== net5.0) (>= net461)) (&& (== net5.0) (< netcoreapp3.1)) (== netstandard2.0) (== netstandard2.1)
      System.Runtime.CompilerServices.Unsafe (>= 6.0)
    System.Text.Json (6.0)
      Microsoft.Bcl.AsyncInterfaces (>= 6.0) - restriction: || (&& (== net5.0) (>= net461)) (&& (== net5.0) (< netcoreapp3.1)) (== netstandard2.0) (== netstandard2.1)
      System.Buffers (>= 4.5.1) - restriction: || (&& (== net5.0) (>= net461)) (&& (== net5.0) (< netcoreapp3.1)) (== netstandard2.0) (== netstandard2.1)
      System.Memory (>= 4.5.4) - restriction: || (&& (== net5.0) (>= net461)) (&& (== net5.0) (< netcoreapp3.1)) (== netstandard2.0) (== netstandard2.1)
      System.Numerics.Vectors (>= 4.5) - restriction: || (&& (== net5.0) (>= net461)) (&& (== net5.0) (< netcoreapp3.1)) (== netstandard2.0) (== netstandard2.1)
      System.Runtime.CompilerServices.Unsafe (>= 6.0)
      System.Text.Encodings.Web (>= 6.0)
      System.Threading.Tasks.Extensions (>= 4.5.4) - restriction: || (&& (== net5.0) (>= net461)) (&& (== net5.0) (< netcoreapp3.1)) (== netstandard2.0) (== netstandard2.1)
    System.Threading (4.3)
      System.Runtime (>= 4.3)
      System.Threading.Tasks (>= 4.3)
    System.Threading.Channels (6.0) - restriction: || (&& (== net5.0) (< netcoreapp3.1)) (&& (== net5.0) (< netstandard2.1)) (== netstandard2.0) (== netstandard2.1)
      System.Threading.Tasks.Extensions (>= 4.5.4) - restriction: || (&& (== net5.0) (>= net461)) (&& (== net5.0) (< netstandard2.1)) (== netstandard2.0) (&& (== netstandard2.1) (>= net461))
    System.Threading.Tasks (4.3)
      Microsoft.NETCore.Platforms (>= 1.1)
      Microsoft.NETCore.Targets (>= 1.1)
      System.Runtime (>= 4.3)
    System.Threading.Tasks.Dataflow (6.0)
    System.Threading.Tasks.Extensions (4.5.4)
      System.Runtime.CompilerServices.Unsafe (>= 4.5.3) - restriction: || (&& (== net5.0) (>= net461)) (&& (== net5.0) (< netcoreapp2.1)) (&& (== net5.0) (< netstandard1.0)) (&& (== net5.0) (< netstandard2.0)) (&& (== net5.0) (>= wp8)) (== netstandard2.0) (== netstandard2.1)
    System.ValueTuple (4.5)
    Weasel.Core (1.1)
      Baseline (>= 3.2.1)
    Weasel.Postgresql (1.1)
      Npgsql (>= 5.0.10 < 6.0)
      Weasel.Core (>= 1.1)
